GEM
  remote: https://rubygems.org/
  specs:
    coderay (1.1.1)
    excon (0.55.0)
    json (1.8.6)
    mandrill-api (1.0.53)
      excon (>= 0.16.0, < 1.0)
      json (>= 1.7.7, < 2.0)
    method_source (0.8.2)
    pry (0.10.4)
      coderay (~> 1.1.0)
      method_source (~> 0.8.1)
      slop (~> 3.4)
    slop (3.6.0)

PLATFORMS
  ruby

DEPENDENCIES
  mandrill-api
  pry

RUBY VERSION
   ruby 2.3.1p112

BUNDLED WITH
   1.14.6
